PATH
  remote: .
  specs:
    fast_parameterize (0.1.2)

GEM
  remote: https://rubygems.org/
  specs:
    activesupport (7.0.4.3)
      concurrent-ruby (~> 1.0, >= 1.0.2)
      i18n (>= 1.6, < 2)
      minitest (>= 5.1)
      tzinfo (~> 2.0)
    ast (2.4.2)
    benchmark-ips (2.12.0)
    concurrent-ruby (1.2.2)
    docile (1.4.0)
    i18n (1.12.0)
      concurrent-ruby (~> 1.0)
    json (2.6.3)
    minitest (5.18.0)
    nokogiri (1.14.0-arm64-darwin)
      racc (~> 1.4)
    nokogiri (1.14.0-x86_64-linux)
      racc (~> 1.4)
    parallel (1.22.1)
    parser (3.2.1.0)
      ast (~> 2.4.1)
    prettier_print (1.2.0)
    racc (1.6.2)
    rainbow (3.1.1)
    rake (13.0.6)
    rake-compiler (1.2.1)
      rake
    regexp_parser (2.7.0)
    rexml (3.2.5)
    rubocop (1.48.0)
      json (~> 2.3)
      parallel (~> 1.10)
      parser (>= 3.2.0.0)
      rainbow (>= 2.2.2, < 4.0)
      regexp_parser (>= 1.8, < 3.0)
      rexml (>= 3.2.5, < 4.0)
      rubocop-ast (>= 1.26.0, < 2.0)
      ruby-progressbar (~> 1.7)
      unicode-display_width (>= 2.4.0, < 3.0)
    rubocop-ast (1.27.0)
      parser (>= 3.2.1.0)
    ruby-progressbar (1.13.0)
    ruby_memcheck (1.2.0)
      nokogiri
    simplecov (0.22.0)
      docile (~> 1.1)
      simplecov-html (~> 0.11)
      simplecov_json_formatter (~> 0.1)
    simplecov-html (0.12.3)
    simplecov_json_formatter (0.1.4)
    syntax_tree (6.0.2)
      prettier_print (>= 1.2.0)
    tzinfo (2.0.6)
      concurrent-ruby (~> 1.0)
    unicode-display_width (2.4.2)

PLATFORMS
  arm64-darwin-22
  x86_64-linux

DEPENDENCIES
  activesupport
  benchmark-ips
  bundler
  fast_parameterize!
  minitest
  rake
  rake-compiler
  rubocop
  ruby_memcheck
  simplecov
  syntax_tree

BUNDLED WITH
   2.4.1
